GEM
  remote: https://rubygems.org/
  specs:
    rack (1.4.1)

PLATFORMS
  ruby

DEPENDENCIES
  rack

BUNDLED WITH
   2.0.1
